GEM
  remote: https://rubygems.org/
  specs:
    RedCloth (4.3.2)

PLATFORMS
  ruby

DEPENDENCIES
  RedCloth

BUNDLED WITH
   1.10.6
